GEM
  remote: https://rubygems.org/
  specs:
    RedCloth (4.3.3)
    redcarpet (3.5.1)
    uuidtools (2.1.2)

PLATFORMS
  ruby

DEPENDENCIES
  RedCloth
  redcarpet
  uuidtools
